PATH
  remote: .
  specs:
    rack-shield (1.2.4)
      rack-attack (>= 6.6.0)

GEM
  remote: https://rubygems.org/
  specs:
    debug (1.5.0)
      irb (>= 1.3.6)
      reline (>= 0.2.7)
    io-console (0.5.11)
    irb (1.4.1)
      reline (>= 0.3.0)
    minitest (5.24.1)
    rack (3.1.7)
    rack-attack (6.7.0)
      rack (>= 1.0, < 4)
    rake (13.0.6)
    reline (0.3.1)
      io-console (~> 0.5)

PLATFORMS
  ruby

DEPENDENCIES
  debug
  minitest
  rack-shield!
  rake

BUNDLED WITH
   2.5.9
